GEM
  remote: https://rubygems.org/
  specs:
    byebug (4.0.1)
      columnize (= 0.9.0)
      rb-readline (= 0.5.2)
    celluloid (0.16.0)
      timers (~> 4.0.0)
    coderay (1.1.0)
    colorator (0.1)
    columnize (0.9.0)
    ffi (1.9.8)
    hitimes (1.2.2)
    jekyll (3.0.0.pre.beta2)
      colorator (~> 0.1)
      jekyll-sass-converter (~> 1.0)
      jekyll-watch (~> 1.1)
      kramdown (~> 1.3)
      liquid (~> 3.0)
      mercenary (~> 0.3.3)
      rouge (~> 1.7)
      safe_yaml (~> 1.0)
    jekyll-sass-converter (1.3.0)
      sass (~> 3.2)
    jekyll-watch (1.2.1)
      listen (~> 2.7)
    kramdown (1.6.0)
    liquid (3.0.1)
    listen (2.9.0)
      celluloid (>= 0.15.2)
      rb-fsevent (>= 0.9.3)
      rb-inotify (>= 0.9)
    mercenary (0.3.5)
    method_source (0.8.2)
    mini_portile (0.6.2)
    nokogiri (1.6.6.2)
      mini_portile (~> 0.6.0)
    pry (0.10.1)
      coderay (~> 1.1.0)
      method_source (~> 0.8.1)
      slop (~> 3.4)
    rainbow (2.0.0)
    rake (10.4.2)
    rb-fsevent (0.9.4)
    rb-inotify (0.9.5)
      ffi (>= 0.5.0)
    rb-readline (0.5.2)
    rouge (1.8.0)
    safe_yaml (1.0.4)
    sass (3.4.13)
    scss-lint (0.33.0)
      rainbow (~> 2.0)
      sass (~> 3.4.1)
    slop (3.6.0)
    timers (4.0.1)
      hitimes
    titleize (1.3.0)

PLATFORMS
  ruby

DEPENDENCIES
  byebug
  jekyll (>= 3.0.0.pre.beta2)
  nokogiri
  pry
  rainbow
  rake
  rouge
  sass
  scss-lint
  titleize

BUNDLED WITH
   1.10.3
